GEM
  remote: https://rubygems.org/
  specs:
    builder (3.2.2)
    cucumber (2.3.3)
      builder (>= 2.1.2)
      cucumber-core (~> 1.4.0)
      cucumber-wire (~> 0.0.1)
      diff-lcs (>= 1.1.3)
      gherkin (~> 3.2.0)
      multi_json (>= 1.7.5, < 2.0)
      multi_test (>= 0.1.2)
    cucumber-core (1.4.0)
      gherkin (~> 3.2.0)
    cucumber-wire (0.0.1)
    diff-lcs (1.2.5)
    gherkin (3.2.0)
    multi_json (1.11.2)
    multi_test (0.1.2)
    rspec (3.5.0.beta3)
      rspec-core (= 3.5.0.beta3)
      rspec-expectations (= 3.5.0.beta3)
      rspec-mocks (= 3.5.0.beta3)
    rspec-core (3.5.0.beta3)
      rspec-support (= 3.5.0.beta3)
    rspec-expectations (3.5.0.beta3)
      diff-lcs (>= 1.2.0, < 2.0)
      rspec-support (= 3.5.0.beta3)
    rspec-mocks (3.5.0.beta3)
      diff-lcs (>= 1.2.0, < 2.0)
      rspec-support (= 3.5.0.beta3)
    rspec-support (3.5.0.beta3)

PLATFORMS
  ruby

DEPENDENCIES
  cucumber (~> 2.x)
  rspec (~> 3.x)

BUNDLED WITH
   1.11.2
